PATH
  remote: .
  specs:
    geomotion (0.14.0)

GEM
  remote: http://rubygems.org/
  specs:
    rake (10.0.3)

PLATFORMS
  ruby

DEPENDENCIES
  geomotion!
  rake
